GEM
  remote: https://rubygems.org/
  specs:
    POpen4 (0.1.4)
      Platform (>= 0.4.0)
      open4
    Platform (0.4.0)
    adsf (1.1.1)
      rack (>= 1.0.0)
    builder (3.2.0)
    colored (1.2)
    commonjs (0.2.6)
    cri (2.3.0)
      colored (>= 1.2)
    haml (4.0.0)
      tilt
    json (1.7.7)
    kramdown (0.13.4)
    less (2.3.1)
      commonjs (~> 0.2.6)
    libv8 (3.11.8.13)
    mime-types (1.21)
    nanoc (3.6.1)
      cri (~> 2.3)
    nokogiri (1.5.6)
    open4 (1.3.0)
    pygmentize (0.0.3)
    rack (1.5.2)
    ref (1.0.2)
    systemu (2.5.2)
    therubyracer (0.11.4)
      libv8 (~> 3.11.8.12)
      ref
    tilt (1.3.5)
    w3c_validators (1.2)
      json
      nokogiri
    yui-compressor (0.9.6)
      POpen4 (>= 0.1.4)

PLATFORMS
  ruby

DEPENDENCIES
  adsf
  builder
  haml
  kramdown (= 0.13.4)
  less
  mime-types
  nanoc (>= 3.4.2)
  nokogiri
  pygmentize
  systemu
  therubyracer
  w3c_validators
  yui-compressor
