GEM
  remote: http://rubygems.org/
  specs:
    POpen4 (0.1.4)
      Platform (>= 0.4.0)
      open4
    Platform (0.4.0)
    adsf (1.1.1)
      rack (>= 1.0.0)
    builder (3.1.4)
    colored (1.2)
    commonjs (0.2.6)
    cri (2.3.0)
      colored (>= 1.2)
    haml (3.1.7)
    json (1.7.5)
    kramdown (0.14.0)
    less (2.2.2)
      commonjs (~> 0.2.6)
    mime-types (1.19)
    nanoc (3.4.2)
      cri (~> 2.2)
    nokogiri (1.5.5)
    open4 (1.3.0)
    pygmentize (0.0.3)
    rack (1.4.1)
    systemu (2.5.2)
    w3c_validators (1.2)
      json
      nokogiri
    yui-compressor (0.9.6)
      POpen4 (>= 0.1.4)

PLATFORMS
  ruby

DEPENDENCIES
  adsf
  builder
  haml
  kramdown
  less
  mime-types
  nanoc
  nokogiri
  pygmentize
  systemu
  w3c_validators
  yui-compressor
